GEM
  remote: https://rubygems.org/
  specs:
    coderay (1.1.2)
    method_source (0.9.0)
    pry (0.11.2)
      coderay (~> 1.1.0)
      method_source (~> 0.9.0)
    rainbow (2.2.2)
      rake
    rake (12.2.1)

PLATFORMS
  ruby

DEPENDENCIES
  pry (~> 0.11.2)
  rainbow (~> 2.2.2)

BUNDLED WITH
   1.16.0
